PATH
  remote: .
  specs:
    dohmysql (0.2.18)
      dohlog (>= 0.2.1)
      dohroot (>= 0.1.1)
      dohutil (>= 0.2.11)
      mysql2 (>= 0.3.11)
      sqlstmt (>= 0.1.9)

GEM
  remote: https://rubygems.org/
  specs:
    dohlog (0.2.1)
      dohutil (>= 0.2.3)
    dohroot (0.1.1)
    dohtest (0.1.15)
      dohroot (>= 0.1.0)
      term-ansicolor (>= 1.0.7)
    dohutil (0.2.11)
      dohroot (>= 0.1.1)
      highline (>= 1.6.13)
    highline (1.6.18)
    mysql2 (0.3.11)
    sqlstmt (0.1.9)
      dohutil (>= 0.2.11)
    term-ansicolor (1.1.5)

PLATFORMS
  ruby

DEPENDENCIES
  dohmysql!
  dohtest (>= 0.1.15)
